PATH
  remote: .
  specs:
    bitcoin-addrgen (0.0.1)
      gmp (~> 0.6.0)

GEM
  remote: http://rubygems.org/
  specs:
    diff-lcs (1.2.4)
    gmp (0.6.31)
    rake (10.0.4)
    rspec (2.13.0)
      rspec-core (~> 2.13.0)
      rspec-expectations (~> 2.13.0)
      rspec-mocks (~> 2.13.0)
    rspec-core (2.13.1)
    rspec-expectations (2.13.0)
      diff-lcs (>= 1.1.3, < 2.0)
    rspec-mocks (2.13.1)

PLATFORMS
  ruby

DEPENDENCIES
  bitcoin-addrgen!
  rake (~> 10.0.4)
  rspec (~> 2.13.0)
